GIT
  remote: https://github.com/jruby/warbler.git
  revision: 3756c6cbbe2ecdccfeb6ac1658a0e3f657244e1b
  specs:
    warbler (2.0.5)
      jruby-jars (>= 9.0.0)
      jruby-rack (>= 1.1.1, < 1.3)
      rake (>= 13.0.3)
      rexml (~> 3.0)
      rubyzip (>= 1.0.0)

GEM
  remote: https://rubygems.org/
  specs:
    jruby-jars (9.4.7.0)
    jruby-rack (1.1.22)
    nio4r (2.7.3-java)
    puma (6.4.2-java)
      nio4r (~> 2.0)
    rack (3.0.9.1)
    rake (13.2.1)
    rexml (3.2.8)
      strscan (>= 3.0.9)
    rubyzip (2.3.2)
    strscan (3.1.1-java)

PLATFORMS
  universal-java-11

DEPENDENCIES
  puma
  rack
  warbler!

BUNDLED WITH
   2.5.7
