GEM
  remote: https://rubygems.org/
  specs:
    nio4r (2.7.3-java)
    puma (6.4.2-java)
      nio4r (~> 2.0)
    rack (3.0.9.1)

PLATFORMS
  universal-java-11

DEPENDENCIES
  puma
  rack

BUNDLED WITH
   2.5.7
